GEM
  remote: https://rubygems.org/
  specs:
    puma (3.4.0)

PLATFORMS
  ruby

DEPENDENCIES
  puma

BUNDLED WITH
   1.11.2
